RESTRICTION: == monoandroid9.0
NUGET
  remote: https://api.nuget.org/v3/index.json
    Xamarin.Android.Support.Annotations (28.0.0.1)
